GEM
  remote: https://rubygems.org/
  specs:
    actioncable (5.2.4.5)
      actionpack (= 5.2.4.5)
      nio4r (~> 2.0)
      websocket-driver (>= 0.6.1)
    actionmailer (5.2.4.5)
      actionpack (= 5.2.4.5)
      actionview (= 5.2.4.5)
      activejob (= 5.2.4.5)
      mail (~> 2.5, >= 2.5.4)
      rails-dom-testing (~> 2.0)
    actionpack (5.2.4.5)
      actionview (= 5.2.4.5)
      activesupport (= 5.2.4.5)
      rack (~> 2.0, >= 2.0.8)
      rack-test (>= 0.6.3)
      rails-dom-testing (~> 2.0)
      rails-html-sanitizer (~> 1.0, >= 1.0.2)
    actionview (5.2.4.5)
      activesupport (= 5.2.4.5)
      builder (~> 3.1)
      erubi (~> 1.4)
      rails-dom-testing (~> 2.0)
      rails-html-sanitizer (~> 1.0, >= 1.0.3)
    activejob (5.2.4.5)
      activesupport (= 5.2.4.5)
      globalid (>= 0.3.6)
    activemodel (5.2.4.5)
      activesupport (= 5.2.4.5)
    activerecord (5.2.4.5)
      activemodel (= 5.2.4.5)
      activesupport (= 5.2.4.5)
      arel (>= 9.0)
    activerecord-import (1.0.8)
      activerecord (>= 3.2)
    activestorage (5.2.4.5)
      actionpack (= 5.2.4.5)
      activerecord (= 5.2.4.5)
      marcel (~> 0.3.1)
    activesupport (5.2.4.5)
      concurrent-ruby (~> 1.0, >= 1.0.2)
      i18n (>= 0.7, < 2)
      minitest (~> 5.1)
      tzinfo (~> 1.1)
    aggregate_root (2.1.0)
      ruby2_keywords
      ruby_event_store (= 2.1.0)
    arel (9.0.0)
    arkency-command_bus (0.4.0)
      thread_safe
    bcrypt (3.1.16)
    bootsnap (1.7.2)
      msgpack (~> 1.0)
    builder (3.2.4)
    byebug (11.1.3)
    classy_hash (1.0.0)
    coderay (1.1.3)
    concurrent-ruby (1.1.8)
    crass (1.0.6)
    devise (4.7.3)
      bcrypt (~> 3.0)
      orm_adapter (~> 0.1)
      railties (>= 4.1.0)
      responders
      warden (~> 1.2.3)
    diff-lcs (1.4.4)
    doorkeeper (5.5.0)
      railties (>= 5)
    dry-configurable (0.12.1)
      concurrent-ruby (~> 1.0)
      dry-core (~> 0.5, >= 0.5.0)
    dry-container (0.7.2)
      concurrent-ruby (~> 1.0)
      dry-configurable (~> 0.1, >= 0.1.3)
    dry-core (0.5.0)
      concurrent-ruby (~> 1.0)
    dry-inflector (0.2.0)
    dry-logic (1.1.0)
      concurrent-ruby (~> 1.0)
      dry-core (~> 0.5, >= 0.5)
    dry-types (1.5.1)
      concurrent-ruby (~> 1.0)
      dry-container (~> 0.3)
      dry-core (~> 0.5, >= 0.5)
      dry-inflector (~> 0.1, >= 0.1.2)
      dry-logic (~> 1.0, >= 1.0.2)
    erubi (1.10.0)
    factory_bot (6.1.0)
      activesupport (>= 5.0.0)
    factory_bot_rails (6.1.0)
      factory_bot (~> 6.1.0)
      railties (>= 5.0.0)
    faker (2.16.0)
      i18n (>= 1.6, < 2)
    ffi (1.14.2)
    globalid (0.4.2)
      activesupport (>= 4.2.0)
    grape (1.5.2)
      activesupport
      builder
      dry-types (>= 1.1)
      mustermann-grape (~> 1.0.0)
      rack (>= 1.3.0)
      rack-accept
    grape-swagger (1.3.1)
      grape (~> 1.3)
    grape_on_rails_routes (0.3.2)
      rails (>= 3.1.1)
    i18n (1.8.9)
      concurrent-ruby (~> 1.0)
    listen (3.1.5)
      rb-fsevent (~> 0.9, >= 0.9.4)
      rb-inotify (~> 0.9, >= 0.9.7)
      ruby_dep (~> 1.2)
    loofah (2.9.0)
      crass (~> 1.0.2)
      nokogiri (>= 1.5.9)
    mail (2.7.1)
      mini_mime (>= 0.1.1)
    marcel (0.3.3)
      mimemagic (~> 0.3.2)
    method_source (1.0.0)
    mimemagic (0.3.5)
    mini_mime (1.0.2)
    mini_portile2 (2.5.0)
    minitest (5.14.4)
    msgpack (1.4.2)
    mustermann (1.1.1)
      ruby2_keywords (~> 0.0.1)
    mustermann-grape (1.0.1)
      mustermann (>= 1.0.0)
    nio4r (2.5.5)
    nokogiri (1.11.1)
      mini_portile2 (~> 2.5.0)
      racc (~> 1.4)
    orm_adapter (0.5.0)
    pry (0.13.1)
      coderay (~> 1.1)
      method_source (~> 1.0)
    puma (3.12.6)
    racc (1.5.2)
    rack (2.2.3)
    rack-accept (0.4.5)
      rack (>= 0.4)
    rack-protection (2.1.0)
      rack
    rack-test (1.1.0)
      rack (>= 1.0, < 3)
    rails (5.2.4.5)
      actioncable (= 5.2.4.5)
      actionmailer (= 5.2.4.5)
      actionpack (= 5.2.4.5)
      actionview (= 5.2.4.5)
      activejob (= 5.2.4.5)
      activemodel (= 5.2.4.5)
      activerecord (= 5.2.4.5)
      activestorage (= 5.2.4.5)
      activesupport (= 5.2.4.5)
      bundler (>= 1.3.0)
      railties (= 5.2.4.5)
      sprockets-rails (>= 2.0.0)
    rails-dom-testing (2.0.3)
      activesupport (>= 4.2.0)
      nokogiri (>= 1.6)
    rails-html-sanitizer (1.3.0)
      loofah (~> 2.3)
    rails_event_store (2.1.0)
      activejob (>= 3.0)
      activemodel (>= 3.0)
      activesupport (>= 3.0)
      aggregate_root (= 2.1.0)
      arkency-command_bus (>= 0.4)
      rails_event_store_active_record (= 2.1.0)
      ruby_event_store (= 2.1.0)
      ruby_event_store-browser (= 2.1.0)
    rails_event_store_active_record (2.1.0)
      activerecord (>= 5.0)
      activerecord-import (>= 1.0.2)
      ruby_event_store (= 2.1.0)
    railties (5.2.4.5)
      actionpack (= 5.2.4.5)
      activesupport (= 5.2.4.5)
      method_source
      rake (>= 0.8.7)
      thor (>= 0.19.0, < 2.0)
    rake (13.0.3)
    rb-fsevent (0.10.4)
    rb-inotify (0.10.1)
      ffi (~> 1.0)
    responders (3.0.1)
      actionpack (>= 5.0)
      railties (>= 5.0)
    rspec (3.9.0)
      rspec-core (~> 3.9.0)
      rspec-expectations (~> 3.9.0)
      rspec-mocks (~> 3.9.0)
    rspec-core (3.9.3)
      rspec-support (~> 3.9.3)
    rspec-expectations (3.9.4)
      diff-lcs (>= 1.2.0, < 2.0)
      rspec-support (~> 3.9.0)
    rspec-mocks (3.9.1)
      diff-lcs (>= 1.2.0, < 2.0)
      rspec-support (~> 3.9.0)
    rspec-rails (3.9.1)
      actionpack (>= 3.0)
      activesupport (>= 3.0)
      railties (>= 3.0)
      rspec-core (~> 3.9.0)
      rspec-expectations (~> 3.9.0)
      rspec-mocks (~> 3.9.0)
      rspec-support (~> 3.9.0)
    rspec-support (3.9.4)
    ruby2_keywords (0.0.4)
    ruby_dep (1.5.0)
    ruby_event_store (2.1.0)
      concurrent-ruby (~> 1.0, >= 1.1.6)
    ruby_event_store-browser (2.1.0)
      ruby_event_store (= 2.1.0)
      sinatra
    ruby_event_store-rspec (2.1.0)
      rspec (~> 3.0)
    sinatra (2.1.0)
      mustermann (~> 1.0)
      rack (~> 2.2)
      rack-protection (= 2.1.0)
      tilt (~> 2.0)
    spring (2.1.1)
    spring-watcher-listen (2.0.1)
      listen (>= 2.7, < 4.0)
      spring (>= 1.2, < 3.0)
    sprockets (4.0.2)
      concurrent-ruby (~> 1.0)
      rack (> 1, < 3)
    sprockets-rails (3.2.2)
      actionpack (>= 4.0)
      activesupport (>= 4.0)
      sprockets (>= 3.0.0)
    sqlite3 (1.4.2)
    thor (1.1.0)
    thread_safe (0.3.6)
    tilt (2.0.10)
    tzinfo (1.2.9)
      thread_safe (~> 0.1)
    warden (1.2.9)
      rack (>= 2.0.9)
    websocket-driver (0.7.3)
      websocket-extensions (>= 0.1.0)
    websocket-extensions (0.1.5)

PLATFORMS
  ruby

DEPENDENCIES
  bootsnap (>= 1.1.0)
  byebug
  classy_hash
  devise
  doorkeeper
  factory_bot_rails
  faker
  grape
  grape-swagger
  grape_on_rails_routes
  listen (>= 3.0.5, < 3.2)
  pry
  puma (~> 3.11)
  rails (~> 5.2.3)
  rails_event_store
  rspec-rails (~> 3.9.1)
  ruby_event_store-rspec
  spring
  spring-watcher-listen (~> 2.0.0)
  sqlite3
  tzinfo-data

RUBY VERSION
   ruby 2.7.0p0

BUNDLED WITH
   2.1.4
